GEM
  remote: http://rubygems.org/
  specs:
    amatch (0.2.5)
    diff-lcs (1.1.2)
    hoe (4.0.2)
      rake (>= 0.8, < 15.0)
    rake (13.0.6)
    rspec (2.5.0)
      rspec-core (~> 2.5.0)
      rspec-expectations (~> 2.5.0)
      rspec-mocks (~> 2.5.0)
    rspec-core (2.5.1)
    rspec-expectations (2.5.0)
      diff-lcs (~> 1.1.2)
    rspec-mocks (2.5.0)
    trollop (1.16.2)

PLATFORMS
  ruby

DEPENDENCIES
  amatch
  hoe
  rspec
  trollop

BUNDLED WITH
   2.1.4
